{
  "bids_meta": {
    "AcquisitionNumber": 1,
    "AcquisitionTime": "08:06:29.000000",
    "ConversionSoftware": "dcm2niix",
    "ConversionSoftwareVersion": "v1.0.20170724 Clang8.1.0",
    "DeviceSerialNumber": "0000000617754MR5",
    "EchoTime": 0.002832,
    "FlipAngle": 15,
    "ImageType": [
      "ORIGINAL",
      "PRIMARY",
      "OTHER"
    ],
    "InstitutionName": "BIDMC_ANSIN_3T_MR",
    "InversionTime": 1.1,
    "MagneticFieldStrength": 3,
    "Manufacturer": "GE",
    "ManufacturersModelName": "Signa_HDxt",
    "PhaseEncodingLines": 256,
    "ProcedureStepDescription": "AP_SHARP_ZIOL_0001_01",
    "ProtocolName": "AX_MDEFT",
    "RepetitionTime": 0.006564,
    "ScanningSequence": "RM",
    "SequenceVariant": "NONE",
    "SeriesDescription": "AX_MDEFT",
    "SoftwareVersions": "15_LX_MR_Software_release:15.0_M4_0910.a",
    "modality": "T1w",
    "subject_id": "0001"
  },
  "cjv": 0.3057167153369073,
  "cnr": 4.29382792173574,
  "efc": 0.6581237747069648,
  "fber": 32.11342239379883,
  "fwhm_avg": 3.769025111111111,
  "fwhm_x": 3.633173333333333,
  "fwhm_y": 3.934112,
  "fwhm_z": 3.73979,
  "icvs_csf": 0.25067611230233644,
  "icvs_gm": 0.40220893223480136,
  "icvs_wm": 0.3471149554628622,
  "inu_med": 1.1942085027694702,
  "inu_range": 0.27800683379173274,
  "provenance": {
    "md5sum": "0870848f8511409c851edce03d1ae6cc",
    "settings": {
      "testing": false
    },
    "software": "mriqc",
    "version": "0.9.7",
    "warnings": {
      "large_rot_frame": true,
      "small_air_mask": false
    }
  },
  "qi_1": 0.0,
  "qi_2": 0.00039703036372385945,
  "rpve_csf": 16.454395244872437,
  "rpve_gm": 10.080337315530569,
  "rpve_wm": 14.852196024562303,
  "size_x": 256,
  "size_y": 256,
  "size_z": 162,
  "snr_csf": 2.9753809599243395,
  "snr_gm": 9.459135587037776,
  "snr_total": 10.223247799585295,
  "snr_wm": 18.235226851793765,
  "snrd_csf": 9.098347590316767,
  "snrd_gm": 17.416137077786015,
  "snrd_total": 18.218536851196195,
  "snrd_wm": 28.141125885485806,
  "spacing_x": 0.9375,
  "spacing_y": 0.9375,
  "spacing_z": 1.0,
  "summary_bg_k": 0.6977365894121839,
  "summary_bg_mad": 23.27995491027832,
  "summary_bg_mean": 95.11882019042969,
  "summary_bg_median": 93.57652282714844,
  "summary_bg_n": 3611728.0,
  "summary_bg_p05": 59.20915584564209,
  "summary_bg_p95": 137.119181060791,
  "summary_bg_stdv": 24.294647216796875,
  "summary_csf_k": 0.06720519424959415,
  "summary_csf_mad": 107.79570007324219,
  "summary_csf_mean": 314.4533996582031,
  "summary_csf_median": 323.3053894042969,
  "summary_csf_n": 24531.0,
  "summary_csf_p05": 123.65571975708008,
  "summary_csf_p95": 479.758056640625,
  "summary_csf_stdv": 108.65795135498047,
  "summary_gm_k": 0.1503621121291867,
  "summary_gm_mad": 64.13367462158203,
  "summary_gm_mean": 617.6737670898438,
  "summary_gm_median": 618.8740234375,
  "summary_gm_n": 24329.0,
  "summary_gm_p05": 508.4729431152344,
  "summary_gm_p95": 723.1537719726563,
  "summary_gm_stdv": 65.42472076416016,
  "summary_wm_k": 0.43447542347239976,
  "summary_wm_mad": 52.377197265625,
  "summary_wm_mean": 999.51220703125,
  "summary_wm_median": 999.9813232421875,
  "summary_wm_n": 245759.0,
  "summary_wm_p05": 908.4482849121094,
  "summary_wm_p95": 1088.4750244140625,
  "summary_wm_stdv": 54.83777618408203,
  "tpm_overlap_csf": 0.16635096073150635,
  "tpm_overlap_gm": 0.46368691325187683,
  "tpm_overlap_wm": 0.5595817565917969,
  "wm2max": 0.5149821296876449
}